GEM
  remote: https://rubygems.org/
  specs:
    ast (2.2.0)
    gosu (0.10.5)
    parser (2.3.0.2)
      ast (~> 2.2)
    powerpack (0.1.1)
    rainbow (2.1.0)
    rubocop (0.36.0)
      parser (>= 2.3.0.0, < 3.0)
      powerpack (~> 0.1)
      rainbow (>= 1.99.1, < 3.0)
      ruby-progressbar (~> 1.7)
    ruby-progressbar (1.7.5)
    yard (0.8.7.6)

PLATFORMS
  ruby

DEPENDENCIES
  gosu
  rubocop (~> 0.36.0)
  yard

BUNDLED WITH
   1.11.2
